GEM
  remote: https://rubygems.org/
  specs:
    breakpoint (2.7.1)
      sass (~> 3.3)
      sassy-maps (< 1.0.0)
    chunky_png (1.3.10)
    compass (1.0.3)
      chunky_png (~> 1.2)
      compass-core (~> 1.0.2)
      compass-import-once (~> 1.0.5)
      rb-fsevent (>= 0.9.3)
      rb-inotify (>= 0.9)
      sass (>= 3.3.13, < 3.5)
    compass-core (1.0.3)
      multi_json (~> 1.0)
      sass (>= 3.3.0, < 3.5)
    compass-import-once (1.0.5)
      sass (>= 3.2, < 3.5)
    ffi (1.9.25)
    multi_json (1.13.1)
    oily_png (1.2.1)
      chunky_png (~> 1.3.7)
    rake (12.3.1)
    rb-fsevent (0.10.3)
    rb-inotify (0.9.10)
      ffi (>= 0.5.0, < 2)
    sass (3.4.25)
    sass-globbing (1.1.5)
      sass (>= 3.1)
    sassy-maps (0.4.0)
      sass (~> 3.3)
    scss_lint (0.53.0)
      rake (>= 0.9, < 13)
      sass (~> 3.4.20)
    singularitygs (1.8.0)
      breakpoint (~> 2.4)
      sass (~> 3.3)

PLATFORMS
  ruby

DEPENDENCIES
  breakpoint (~> 2.7.1)
  bundler (~> 1.16.2)
  compass (~> 1.0.3)
  compass-import-once (~> 1.0.5)
  oily_png (~> 1.2.1)
  sass (~> 3.4.23)
  sass-globbing (~> 1.1.5)
  scss_lint (~> 0.53.0)
  singularitygs (~> 1.8.0)

BUNDLED WITH
   1.16.2
